PATH
  remote: .
  specs:
    chem (1.0.0)
      gli (= 2.13.4)

GEM
  remote: https://rubygems.org/
  specs:
    gli (2.13.4)
    rake (10.4.2)

PLATFORMS
  ruby

DEPENDENCIES
  chem!
  rake (~> 10.0)
